GEM
  remote: https://rubygems.org/
  specs:
    jekyll-sitemap (0.6.1)

PLATFORMS
  ruby

DEPENDENCIES
  jekyll-sitemap
